CONTENT: NONE
FRAMEWORK: NET45
NUGET
  remote: https://www.nuget.org/api/v2
    CommandLineParser (2.1.1-beta)
    dbup (3.3.5)
    dbup-mysql (3.3.5)
      dbup (>= 3.3.5)
      MySql.Data (>= 6.9.5)
    EntityFramework (6.1.3)
    Fody (1.29.4)
    GitVersionTask (3.6.5)
    MySql.Data (6.9.9)
    NullGuard.Fody (1.4.6)
      Fody (>= 1.29.2)
    Resourcer.Fody (1.4.3)
      Fody (>= 1.29.2)
    StyleCop.Analyzers (1.0)
GIST
  remote: tpluscode/a285267d2543466fc35c3a168c846f9f
    FULLPROJECT (c9b7a831e53e929f2ecce09b14a61e28007b669f)